GEM
  remote: https://rubygems.org/
  specs:
    activerecord (2.3.18)
      activesupport (= 2.3.18)
    activesupport (2.3.18)
    builder (3.2.2)
    celluloid (0.15.2)
      timers (~> 1.1.0)
    coderay (1.0.9)
    colorize (0.6.0)
    cucumber (1.3.8)
      builder (>= 2.1.2)
      diff-lcs (>= 1.1.3)
      gherkin (~> 2.12.1)
      multi_json (>= 1.7.5, < 2.0)
      multi_test (>= 0.0.2)
    diff-lcs (1.2.4)
    ffi (1.9.3)
    formatador (0.2.4)
    gherkin (2.12.2)
      multi_json (~> 1.3)
    google-search (1.0.3)
      json
    guard (2.2.2)
      formatador (>= 0.2.4)
      listen (~> 2.1)
      lumberjack (~> 1.0)
      pry (>= 0.9.12)
      thor (>= 0.18.1)
    guard-rspec (4.0.3)
      guard (>= 2.1.1)
      rspec (~> 2.14)
    happymapper (0.4.1)
      libxml-ruby (~> 2.0)
    hpricot (0.8.6)
    htmlentities (4.3.1)
    json (1.8.1)
    libxml-ruby (2.7.0)
    listen (2.2.0)
      celluloid (>= 0.15.2)
      rb-fsevent (>= 0.9.3)
      rb-inotify (>= 0.9)
    lumberjack (1.0.4)
    method_source (0.8.2)
    mime-types (2.0)
    multi_json (1.8.2)
    multi_test (0.0.2)
    pry (0.9.12.2)
      coderay (~> 1.0.5)
      method_source (~> 0.8)
      slop (~> 3.4)
    r18n-core (1.1.7)
    r18n-desktop (1.1.7)
      r18n-core (= 1.1.7)
    rb-fsevent (0.9.3)
    rb-inotify (0.9.2)
      ffi (>= 0.5.0)
    rest-client (1.6.7)
      mime-types (>= 1.16)
    reverso (0.0.1)
      json
    rspec (2.14.1)
      rspec-core (~> 2.14.0)
      rspec-expectations (~> 2.14.0)
      rspec-mocks (~> 2.14.0)
    rspec-core (2.14.7)
    rspec-expectations (2.14.3)
      diff-lcs (>= 1.1.3, < 2.0)
    rspec-mocks (2.14.4)
    ruby-units (1.4.4)
    slop (3.4.6)
    temperature (1.2)
    thor (0.18.1)
    timers (1.1.0)
    weather-underground (1.1.1)
      happymapper
      rest-client
      temperature (>= 1.0.0)
    ya2yaml (0.31)

PLATFORMS
  ruby

DEPENDENCIES
  activerecord
  colorize
  cucumber
  google-search
  guard
  guard-rspec
  hpricot
  htmlentities
  r18n-desktop
  reverso
  rspec
  rspec-mocks
  ruby-units
  weather-underground
  ya2yaml
