GEM
  remote: https://rubygems.org/
  specs:
    activemodel (4.0.0)
      activesupport (= 4.0.0)
      builder (~> 3.1.0)
    activerecord (4.0.0)
      activemodel (= 4.0.0)
      activerecord-deprecated_finders (~> 1.0.2)
      activesupport (= 4.0.0)
      arel (~> 4.0.0)
    activerecord-deprecated_finders (1.0.3)
    activesupport (4.0.0)
      i18n (~> 0.6, >= 0.6.4)
      minitest (~> 4.2)
      multi_json (~> 1.3)
      thread_safe (~> 0.1)
      tzinfo (~> 0.3.37)
    arel (4.0.0)
    atomic (1.1.14)
    builder (3.1.4)
    coderay (1.0.9)
    colorize (0.6.0)
    cucumber (1.3.8)
      builder (>= 2.1.2)
      diff-lcs (>= 1.1.3)
      gherkin (~> 2.12.1)
      multi_json (>= 1.7.5, < 2.0)
      multi_test (>= 0.0.2)
    diff-lcs (1.2.4)
    ffi (1.9.0)
    formatador (0.2.4)
    gherkin (2.12.1)
      multi_json (~> 1.3)
    google-search (1.0.3)
      json
    guard (1.8.3)
      formatador (>= 0.2.4)
      listen (~> 1.3)
      lumberjack (>= 1.0.2)
      pry (>= 0.9.10)
      thor (>= 0.14.6)
    guard-rspec (3.0.2)
      guard (>= 1.8)
      rspec (~> 2.13)
    happymapper (0.4.1)
      libxml-ruby (~> 2.0)
    hpricot (0.8.6)
    htmlentities (4.3.1)
    i18n (0.6.5)
    json (1.8.0)
    libxml-ruby (2.7.0)
    listen (1.3.1)
      rb-fsevent (>= 0.9.3)
      rb-inotify (>= 0.9)
      rb-kqueue (>= 0.2)
    lumberjack (1.0.4)
    method_source (0.8.2)
    mime-types (1.25)
    minitest (4.7.5)
    multi_json (1.8.0)
    multi_test (0.0.2)
    pry (0.9.12.2)
      coderay (~> 1.0.5)
      method_source (~> 0.8)
      slop (~> 3.4)
    r18n-core (1.1.6)
    r18n-desktop (1.1.6)
      r18n-core (= 1.1.6)
    rb-fsevent (0.9.3)
    rb-inotify (0.9.2)
      ffi (>= 0.5.0)
    rb-kqueue (0.2.0)
      ffi (>= 0.5.0)
    rest-client (1.6.7)
      mime-types (>= 1.16)
    reverso (0.0.1)
      json
    rspec (2.14.1)
      rspec-core (~> 2.14.0)
      rspec-expectations (~> 2.14.0)
      rspec-mocks (~> 2.14.0)
    rspec-core (2.14.5)
    rspec-expectations (2.14.3)
      diff-lcs (>= 1.1.3, < 2.0)
    rspec-mocks (2.14.3)
    ruby-units (1.4.4)
    slop (3.4.6)
    temperature (1.2)
    thor (0.18.1)
    thread_safe (0.1.3)
      atomic
    tzinfo (0.3.37)
    weather-underground (1.1.1)
      happymapper
      rest-client
      temperature (>= 1.0.0)
    ya2yaml (0.31)

PLATFORMS
  ruby

DEPENDENCIES
  activerecord
  colorize
  cucumber
  google-search
  guard
  guard-rspec
  hpricot
  htmlentities
  r18n-desktop
  reverso
  rspec
  rspec-mocks
  ruby-units
  weather-underground
  ya2yaml
