GEM
  remote: https://rubygems.org/
  specs:
    activemodel (4.0.0)
      activesupport (= 4.0.0)
      builder (~> 3.1.0)
    activerecord (4.0.0)
      activemodel (= 4.0.0)
      activerecord-deprecated_finders (~> 1.0.2)
      activesupport (= 4.0.0)
      arel (~> 4.0.0)
    activerecord-deprecated_finders (1.0.3)
    activesupport (4.0.0)
      i18n (~> 0.6, >= 0.6.4)
      minitest (~> 4.2)
      multi_json (~> 1.3)
      thread_safe (~> 0.1)
      tzinfo (~> 0.3.37)
    arel (4.0.0)
    atomic (1.1.14)
    builder (3.1.4)
    colorize (0.6.0)
    google-search (1.0.3)
      json
    happymapper (0.4.1)
      libxml-ruby (~> 2.0)
    hpricot (0.8.6)
    htmlentities (4.3.1)
    i18n (0.6.5)
    json (1.8.0)
    libxml-ruby (2.7.0)
    mime-types (1.25)
    minitest (4.7.5)
    multi_json (1.8.0)
    r18n-core (1.1.6)
    r18n-desktop (1.1.6)
      r18n-core (= 1.1.6)
    rest-client (1.6.7)
      mime-types (>= 1.16)
    reverso (0.0.1)
      json
    ruby-units (1.4.4)
    temperature (1.2)
    thread_safe (0.1.3)
      atomic
    tzinfo (0.3.37)
    weather-underground (1.1.1)
      happymapper
      rest-client
      temperature (>= 1.0.0)
    ya2yaml (0.31)

PLATFORMS
  ruby

DEPENDENCIES
  activerecord
  colorize
  google-search
  hpricot
  htmlentities
  r18n-desktop
  reverso
  ruby-units
  weather-underground
  ya2yaml
